GEM
  remote: https://rubygems.org/
  specs:
    addressable (2.3.6)
    autoprefixer-rails (1.1.20140403)
      execjs
    breakpoint (2.0.7)
      compass (>= 0.12.1)
      sass (>= 3.2.0)
    capistrano (3.1.0)
      i18n
      rake (>= 10.0.0)
      sshkit (~> 1.3)
    capistrano-drupal (0.1.10)
    capistrano-ext (1.2.1)
      capistrano (>= 1.0.0)
    chunky_png (1.3.0)
    compass (0.12.5)
      chunky_png (~> 1.2)
      fssm (>= 0.2.7)
      sass (~> 3.2.19)
    compass-normalize (1.5)
      compass (>= 0.12.0)
    compass-recipes (0.3.0)
      compass (>= 0.12.2)
      compass-normalize (>= 1.3)
      sass (>= 3.2.1)
    compass-validator (3.0.1)
    css_parser (1.3.5)
      addressable
    csso-rails (0.3.4)
      execjs (>= 1)
    execjs (2.0.2)
    fssm (0.2.10)
    i18n (0.6.9)
    net-scp (1.1.2)
      net-ssh (>= 2.6.5)
    net-ssh (2.8.0)
    railsless-deploy (1.1.3)
    rake (10.2.2)
    sass (3.2.19)
    sass-globbing (1.1.0)
      sass (>= 3.1)
    singularitygs (1.1.2)
      breakpoint (>= 2.0.1)
      compass (>= 0.12.2)
      sass (>= 3.2.1)
    sshkit (1.3.0)
      net-scp (>= 1.1.2)
      net-ssh
      term-ansicolor
    term-ansicolor (1.3.0)
      tins (~> 1.0)
    tins (1.1.0)
    zen-grids (1.4)
      sass (>= 3.1)

PLATFORMS
  ruby

DEPENDENCIES
  autoprefixer-rails
  breakpoint
  capistrano
  capistrano-drupal
  capistrano-ext
  compass
  compass-recipes
  compass-validator
  css_parser
  csso-rails
  railsless-deploy
  sass
  sass-globbing
  singularitygs
  zen-grids
