GEM
  remote: https://rubygems.org/
  specs:
    addressable (2.3.6)
    autoprefixer-rails (1.1.20140403)
      execjs
    breakpoint (2.0.7)
      compass (>= 0.12.1)
      sass (>= 3.2.0)
    chunky_png (1.3.0)
    compass (0.12.5)
      chunky_png (~> 1.2)
      fssm (>= 0.2.7)
      sass (~> 3.2.19)
    compass-normalize (1.5)
      compass (>= 0.12.0)
    compass-recipes (0.3.0)
      compass (>= 0.12.2)
      compass-normalize (>= 1.3)
      sass (>= 3.2.1)
    compass-validator (3.0.1)
    css_parser (1.3.5)
      addressable
    csso-rails (0.3.4)
      execjs (>= 1)
    execjs (2.0.2)
    fssm (0.2.10)
    sass (3.2.19)
    sass-globbing (1.1.0)
      sass (>= 3.1)
    singularitygs (1.1.2)
      breakpoint (>= 2.0.1)
      compass (>= 0.12.2)
      sass (>= 3.2.1)
    zen-grids (1.4)
      sass (>= 3.1)

PLATFORMS
  ruby

DEPENDENCIES
  autoprefixer-rails
  breakpoint
  compass
  compass-recipes
  compass-validator
  css_parser
  csso-rails
  sass
  sass-globbing
  singularitygs
  zen-grids
